PATH
  remote: .
  specs:
    cli_job_search (0.1.0)

GEM
  remote: https://rubygems.org/
  specs:
    rake (13.0.1)

PLATFORMS
  ruby

DEPENDENCIES
  bundler (~> 2.0)
  cli_job_search!
  rake (~> 13.0)

BUNDLED WITH
   2.0.1
